GEM
  remote: https://rubygems.org/
  specs:
    bugspots (0.2.1)
      rainbow
      rugged (>= 0.21.0)
    rainbow (2.0.0)
    rugged (0.23.3)

PLATFORMS
  ruby

DEPENDENCIES
  bugspots

BUNDLED WITH
   1.10.6
